GEM
  remote: http://rubygems.org/
  specs:
    diff-lcs (1.1.3)
    git (1.2.5)
    jeweler (1.8.4)
      bundler (~> 1.0)
      git (>= 1.2.5)
      rake
      rdoc
    json (1.7.3)
    mime-types (1.19)
    rake (0.9.2.2)
    rdoc (3.12)
      json (~> 1.4)
    rest-client (1.6.7)
      mime-types (>= 1.16)
    rspec (2.8.0)
      rspec-core (~> 2.8.0)
      rspec-expectations (~> 2.8.0)
      rspec-mocks (~> 2.8.0)
    rspec-core (2.8.0)
    rspec-expectations (2.8.0)
      diff-lcs (~> 1.1.2)
    rspec-mocks (2.8.0)

PLATFORMS
  ruby

DEPENDENCIES
  bundler (~> 1.0.0)
  jeweler (~> 1.8.4)
  rdoc (~> 3.12)
  rest-client
  rspec (~> 2.8.0)
